GEM
  remote: https://rubygems.org/
  specs:
    redis (4.1.2)

PLATFORMS
  ruby

DEPENDENCIES
  redis

BUNDLED WITH
   2.0.1
